GEM
  remote: https://rubygems.org/
  specs:
    google-protobuf (3.9.0)
    rake (12.3.3)

PLATFORMS
  ruby

DEPENDENCIES
  google-protobuf (= 3.9.0)
  rake (= 12.3.3)

RUBY VERSION
   ruby 2.6.3p62

BUNDLED WITH
   1.17.2
